PATH
  remote: .
  specs:
    dm-postgis (2.0.0)
      GeoRuby (= 1.3.4)
      dm-core (~> 1.2.0)
      dm-postgres-adapter (~> 1.2.0)
      rake

GEM
  remote: http://rubygems.org/
  specs:
    GeoRuby (1.3.4)
    addressable (2.2.8)
    columnize (0.3.6)
    data_objects (0.10.10)
      addressable (~> 2.1)
    debugger (1.2.1)
      columnize (>= 0.3.1)
      debugger-linecache (~> 1.1.1)
      debugger-ruby_core_source (~> 1.1.4)
    debugger-linecache (1.1.1)
      debugger-ruby_core_source (>= 1.1.1)
    debugger-ruby_core_source (1.1.4)
    diff-lcs (1.1.3)
    dm-core (1.2.0)
      addressable (~> 2.2.6)
    dm-do-adapter (1.2.0)
      data_objects (~> 0.10.6)
      dm-core (~> 1.2.0)
    dm-migrations (1.2.0)
      dm-core (~> 1.2.0)
    dm-postgres-adapter (1.2.0)
      dm-do-adapter (~> 1.2.0)
      do_postgres (~> 0.10.6)
    do_postgres (0.10.10)
      data_objects (= 0.10.10)
    rake (0.9.2.2)
    rspec (2.6.0)
      rspec-core (~> 2.6.0)
      rspec-expectations (~> 2.6.0)
      rspec-mocks (~> 2.6.0)
    rspec-core (2.6.4)
    rspec-expectations (2.6.0)
      diff-lcs (~> 1.1.2)
    rspec-mocks (2.6.0)

PLATFORMS
  ruby

DEPENDENCIES
  debugger
  dm-migrations (~> 1.2.0)
  dm-postgis!
  rspec (~> 2.6.0)
